GEM
  remote: http://rubygems.org/
  specs:
    builder (3.2.2)
    childprocess (0.3.9)
      ffi (~> 1.0, >= 1.0.11)
    ci_reporter (1.9.0)
      builder (>= 2.1.2)
    diff-lcs (1.2.4)
    ffi (1.9.0)
    httpclient (2.3.4.1)
    load_runner (1.0.0)
    log4r (1.1.10)
    mime-types (1.23)
    multi_json (1.7.7)
    rake (10.0.4)
    require_all (1.2.1)
    rest-client (1.6.7)
      mime-types (>= 1.16)
    rspec (2.14.1)
      rspec-core (~> 2.14.0)
      rspec-expectations (~> 2.14.0)
      rspec-mocks (~> 2.14.0)
    rspec-core (2.14.4)
    rspec-expectations (2.14.0)
      diff-lcs (>= 1.1.3, < 2.0)
    rspec-mocks (2.14.2)
    rubyzip (0.9.9)
    selenium-webdriver (2.33.0)
      childprocess (>= 0.2.5)
      multi_json (~> 1.0)
      rubyzip
      websocket (~> 1.0.4)
    websocket (1.0.7)

PLATFORMS
  ruby

DEPENDENCIES
  ci_reporter (>= 1.7)
  httpclient
  load_runner (~> 1.0.0)
  log4r
  rake (~> 10.0.1)
  require_all
  rest-client (>= 1.6)
  rspec (>= 2.11)
  selenium-webdriver (>= 2.25)
