PATH
  remote: ../..
  specs:
    ci_reporter (1.8.4)
      builder (>= 2.1.2)

GEM
  remote: https://rubygems.org/
  specs:
    builder (3.2.2)
    colorize (0.5.8)
    diff-lcs (1.1.3)
    gherkin (2.5.4)
      json (>= 1.4.6)
    json (1.8.0)
    rspec (2.8.0)
      rspec-core (~> 2.8.0)
      rspec-expectations (~> 2.8.0)
      rspec-mocks (~> 2.8.0)
    rspec-core (2.8.0)
    rspec-expectations (2.8.0)
      diff-lcs (~> 1.1.2)
    rspec-mocks (2.8.0)
    spinach (0.1.5.4)
      colorize
      gherkin (= 2.5.4)

PLATFORMS
  java
  ruby

DEPENDENCIES
  ci_reporter!
  rspec
  spinach (< 0.2)
